PATH
  remote: .
  specs:
    cloudcost (0.4.0)
      excon (~> 0.85.0)
      parseconfig (~> 1.1.0)
      terminal-table (~> 3.0.1)
      thor (~> 1.1.0)
      tty-spinner (~> 0.9.3)

GEM
  remote: https://rubygems.org/
  specs:
    excon (0.85.0)
    parseconfig (1.1.0)
    terminal-table (3.0.2)
      unicode-display_width (>= 1.1.1, < 3)
    thor (1.1.0)
    tty-cursor (0.7.1)
    tty-spinner (0.9.3)
      tty-cursor (~> 0.7)
    unicode-display_width (2.1.0)

PLATFORMS
  ruby

DEPENDENCIES
  cloudcost!

BUNDLED WITH
   2.1.4
